GEM
  remote: https://rubygems.org/
  specs:
    httpclient (2.8.3)
    mini_portile2 (2.1.0)
    nokogiri (1.7.1)
      mini_portile2 (~> 2.1.0)

PLATFORMS
  ruby

DEPENDENCIES
  httpclient
  nokogiri

BUNDLED WITH
   1.14.6
